PATH
  remote: .
  specs:
    RackVirtualMachine (0.1.0)

GEM
  remote: https://rubygems.org/
  specs:

PLATFORMS
  x86_64-linux

DEPENDENCIES
  RackVirtualMachine!

BUNDLED WITH
   2.4.10
